{
    "M0Type": "Included",
    "BackgroundSuppression": true,
    "TotalAcquiredPairs": 3,
    "RepetitionTimePreparation": 4.888,
    "MagneticFieldStrength": 3,
    "MRAcquisitionType": "3D",
    "EchoTime": 0.010528,
    "Manufacturer": "GE",
    "StationName": "fmrif3tb",
    "SoftwareVersions": "27\\LX\\MR Software release:DV26.0_EB_1707.b",
    "ScanningSequence": "RM",
    "SequenceVariant": "NONE",
    "ScanOptions": "EDR_GEMS\\SPIRAL_GEMS",
    "InversionTime": 2.025,
    "FlipAngle": 111,
    "InstitutionName": "NIH FMRIF",
    "ArterialSpinLabelingType": "PCASL",
    "LabelingDuration": 1.45,
    "ParallelReductionFactorInPlane": 2,
    "PostLabelingDelay": 2.025
}